GEM
  remote: https://rubygems.org/
  specs:
    geocoder (1.2.9)

PLATFORMS
  ruby

DEPENDENCIES
  geocoder
